GEM
  remote: https://rubygems.org/
  specs:
    aws-eventstream (1.0.1)
    aws-partitions (1.122.0)
    aws-sdk-core (3.43.0)
      aws-eventstream (~> 1.0)
      aws-partitions (~> 1.0)
      aws-sigv4 (~> 1.0)
      jmespath (~> 1.0)
    aws-sdk-sqs (1.10.0)
      aws-sdk-core (~> 3, >= 3.39.0)
      aws-sigv4 (~> 1.0)
    aws-sigv4 (1.0.3)
    figaro (1.2.0)
      thor (>= 0.14.0, < 2)
    jmespath (1.4.0)
    json (2.1.0)
    thor (1.2.1)

PLATFORMS
  ruby

DEPENDENCIES
  aws-sdk-sqs (~> 1.4)
  figaro
  json

BUNDLED WITH
   1.16.6
