GEM
  remote: https://rubygems.org/
  specs:
    aws-partitions (1.44.0)
    aws-sdk-core (3.11.0)
      aws-partitions (~> 1.0)
      aws-sigv4 (~> 1.0)
      jmespath (~> 1.0)
    aws-sdk-sqs (1.3.0)
      aws-sdk-core (~> 3)
      aws-sigv4 (~> 1.0)
    aws-sigv4 (1.0.2)
    config_env (0.1.2)
    jmespath (1.3.1)
    json (2.1.0)

PLATFORMS
  ruby

DEPENDENCIES
  aws-sdk-sqs
  config_env
  json

BUNDLED WITH
   1.15.4
